PATH
  remote: .
  specs:
    bibtex-ruby (6.1.0)
      latex-decode (~> 0.0)
      logger (~> 1.7)
      racc (~> 1.7)

GEM
  remote: https://rubygems.org/
  specs:
    base64 (0.3.0)
    bcp47_spec (0.2.1)
    bigdecimal (3.2.2)
    bigdecimal (3.2.2-java)
    builder (3.3.0)
    cucumber (10.0.0)
      base64 (~> 0.2)
      builder (~> 3.2)
      cucumber-ci-environment (> 9, < 11)
      cucumber-core (> 15, < 17)
      cucumber-cucumber-expressions (> 17, < 19)
      cucumber-html-formatter (> 20.3, < 22)
      diff-lcs (~> 1.5)
      logger (~> 1.6)
      mini_mime (~> 1.1)
      multi_test (~> 1.1)
      sys-uname (~> 1.3)
    cucumber-ci-environment (10.0.1)
    cucumber-core (15.1.0)
      cucumber-gherkin (> 27, < 31)
      cucumber-messages (> 26, < 29)
      cucumber-tag-expressions (> 5, < 7)
    cucumber-cucumber-expressions (18.0.1)
      bigdecimal
    cucumber-gherkin (30.0.4)
      cucumber-messages (> 25, < 28)
    cucumber-html-formatter (21.13.0)
      cucumber-messages (> 19, < 28)
    cucumber-messages (27.2.0)
    cucumber-tag-expressions (6.1.2)
    date (3.4.1)
    date (3.4.1-java)
    debug (1.11.0)
      irb (~> 1.10)
      reline (>= 0.3.8)
    diff-lcs (1.6.2)
    docile (1.4.1)
    erb (5.0.2)
    ffi (1.17.2)
    ffi (1.17.2-java)
    gnuplot (2.6.2)
    io-console (0.8.1)
    io-console (0.8.1-java)
    irb (1.15.2)
      pp (>= 0.6.0)
      rdoc (>= 4.0.0)
      reline (>= 0.4.2)
    jar-dependencies (0.5.5)
    json (2.13.0)
    json (2.13.0-java)
    latex-decode (0.4.0)
    link_header (0.0.8)
    logger (1.7.0)
    mini_mime (1.1.5)
    minitest (5.25.5)
    multi_test (1.1.0)
    ostruct (0.6.3)
    pp (0.6.2)
      prettyprint
    prettyprint (0.2.0)
    psych (5.2.6)
      date
      stringio
    psych (5.2.6-java)
      date
      jar-dependencies (>= 0.1.7)
    racc (1.8.1)
    racc (1.8.1-java)
    rake (13.3.0)
    rdf (3.3.4)
      bcp47_spec (~> 0.2)
      bigdecimal (~> 3.1, >= 3.1.5)
      link_header (~> 0.0, >= 0.0.8)
      logger (~> 1.5)
      ostruct (~> 0.6)
      readline (~> 0.0)
    rdf-vocab (3.3.2)
      rdf (~> 3.3)
    rdoc (6.14.2)
      erb
      psych (>= 4.0.0)
    readline (0.0.4)
      reline
    reline (0.6.1)
      io-console (~> 0.5)
    rexml (3.4.1)
    ruby-prof (1.7.2)
      base64
    simplecov (0.22.0)
      docile (~> 1.1)
      simplecov-html (~> 0.11)
      simplecov_json_formatter (~> 0.1)
    simplecov-html (0.13.2)
    simplecov_json_formatter (0.1.4)
    stringio (3.1.7)
    sys-uname (1.3.1)
      ffi (~> 1.1)
    yard (0.9.37)

PLATFORMS
  java
  ruby

DEPENDENCIES
  bibtex-ruby!
  cucumber
  debug (>= 1.0)
  gnuplot
  json (~> 2.0)
  minitest
  rake
  rdf (~> 3.0)
  rdf-vocab (~> 3.0)
  rexml (~> 3.2)
  ruby-prof
  simplecov
  yard

BUNDLED WITH
   2.7.0
